GEM
  remote: https://rubygems.org/
  specs:
    htmlentities (4.3.4)
    mini_portile2 (2.8.2)
    nokogiri (1.15.2)
      mini_portile2 (~> 2.8.2)
      racc (~> 1.4)
    nokogiri (1.15.2-x64-mingw-ucrt)
      racc (~> 1.4)
    ox (2.14.16)
    racc (1.7.1)

PLATFORMS
  ruby
  x64-mingw-ucrt

DEPENDENCIES
  htmlentities
  nokogiri
  ox

BUNDLED WITH
   2.4.10
