GEM
  remote: https://rubygems.org/
  specs:
    htmlentities (4.3.3)
    mini_portile (0.6.1)
    nokogiri (1.6.5)
      mini_portile (~> 0.6.0)
    ox (2.1.4)

PLATFORMS
  ruby

DEPENDENCIES
  htmlentities
  nokogiri
  ox
